PATH
  remote: .
  specs:
    alox (0.0.2)

GEM
  remote: https://rubygems.org/
  specs:
    alox-jason (0.0.21)

PLATFORMS
  ruby

DEPENDENCIES
  alox!
  alox-jason
