PATH
  remote: .
  specs:
    alox (0.0.3)

GEM
  remote: https://rubygems.org/
  specs:
    alox-jason (0.0.25)

PLATFORMS
  ruby

DEPENDENCIES
  alox!
  alox-jason
