GEM
  remote: https://rubygems.org/
  specs:
    alox (0.0.4)
    alox-jason (0.0.25)

PLATFORMS
  ruby

DEPENDENCIES
  alox
  alox-jason
