PATH
  remote: .
  specs:
    demo (0.0.1)

PATH
  remote: ..
  specs:
    alox (0.0.7)

GEM
  remote: https://rubygems.org/
  specs:
    alox-jason (0.0.26)

PLATFORMS
  ruby

DEPENDENCIES
  alox!
  alox-jason
  demo!
